GEM
  remote: https://rubygems.org/
  specs:
    actionmailer (4.1.6)
      actionpack (= 4.1.6)
      actionview (= 4.1.6)
      mail (~> 2.5, >= 2.5.4)
    actionpack (4.1.6)
      actionview (= 4.1.6)
      activesupport (= 4.1.6)
      rack (~> 1.5.2)
      rack-test (~> 0.6.2)
    actionview (4.1.6)
      activesupport (= 4.1.6)
      builder (~> 3.1)
      erubis (~> 2.7.0)
    activemodel (4.1.6)
      activesupport (= 4.1.6)
      builder (~> 3.1)
    activerecord (4.1.6)
      activemodel (= 4.1.6)
      activesupport (= 4.1.6)
      arel (~> 5.0.0)
    activesupport (4.1.6)
      i18n (~> 0.6, >= 0.6.9)
      json (~> 1.7, >= 1.7.7)
      minitest (~> 5.1)
      thread_safe (~> 0.1)
      tzinfo (~> 1.1)
    arel (5.0.1.20140414130214)
    best_in_place (3.0.0)
      actionpack (>= 3.2)
      railties (>= 3.2)
    better_errors (1.1.0)
      coderay (>= 1.0.0)
      erubis (>= 2.6.6)
    binding_of_caller (0.7.2)
      debug_inspector (>= 0.0.1)
    builder (3.2.2)
    capybara (2.4.4)
      mime-types (>= 1.16)
      nokogiri (>= 1.3.3)
      rack (>= 1.0.0)
      rack-test (>= 0.5.4)
      xpath (~> 2.0)
    childprocess (0.5.5)
      ffi (~> 1.0, >= 1.0.11)
    climate_control (0.0.3)
      activesupport (>= 3.0)
    cocaine (0.5.4)
      climate_control (>= 0.0.3, < 1.0)
    coderay (1.1.0)
    coffee-rails (4.0.1)
      coffee-script (>= 2.2.0)
      railties (>= 4.0.0, < 5.0)
    coffee-script (2.3.0)
      coffee-script-source
      execjs
    coffee-script-source (1.8.0)
    columnize (0.8.9)
    debug_inspector (0.0.2)
    debugger (1.6.8)
      columnize (>= 0.3.1)
      debugger-linecache (~> 1.2.0)
      debugger-ruby_core_source (~> 1.3.5)
    debugger-linecache (1.2.0)
    debugger-ruby_core_source (1.3.5)
    erubis (2.7.0)
    execjs (2.2.1)
    ffi (1.9.6)
    ffi (1.9.6-x86-mingw32)
    font-awesome-rails (4.2.0.0)
      railties (>= 3.2, < 5.0)
    haml (4.0.5)
      tilt
    hashie (2.1.1)
    hike (1.2.3)
    i18n (0.6.11)
    jbuilder (2.1.3)
      activesupport (>= 3.0.0, < 5)
      multi_json (~> 1.2)
    jquery-rails (3.1.2)
      railties (>= 3.0, < 5.0)
      thor (>= 0.14, < 2.0)
    jquery-ui-rails (4.2.1)
      railties (>= 3.2.16)
    json (1.8.1)
    kaminari (0.16.1)
      actionpack (>= 3.0.0)
      activesupport (>= 3.0.0)
    mail (2.6.1)
      mime-types (>= 1.16, < 3)
    method_source (0.8.2)
    mime-types (2.3)
    mini_portile (0.6.0)
    minitest (5.4.1)
    multi_json (1.10.1)
    nested_form (0.3.2)
    nokogiri (1.6.3.1)
      mini_portile (= 0.6.0)
    nokogiri (1.6.3.1-x86-mingw32)
      mini_portile (= 0.6.0)
    omniauth (1.2.1)
      hashie (>= 1.2, < 3)
      rack (~> 1.0)
    omniauth-shibboleth (1.1.2)
      omniauth (>= 1.0.0)
    paperclip (4.2.0)
      activemodel (>= 3.0.0)
      activesupport (>= 3.0.0)
      cocaine (~> 0.5.3)
      mime-types
    pry (0.10.1)
      coderay (~> 1.1.0)
      method_source (~> 0.8.1)
      slop (~> 3.4)
    pry (0.10.1-x86-mingw32)
      coderay (~> 1.1.0)
      method_source (~> 0.8.1)
      slop (~> 3.4)
      win32console (~> 1.3)
    pry-debugger (0.2.3)
      debugger (~> 1.3)
      pry (>= 0.9.10, < 0.11.0)
    pry-stack_explorer (0.4.9.1)
      binding_of_caller (>= 0.7)
      pry (>= 0.9.11)
    rack (1.5.2)
    rack-pjax (0.8.0)
      nokogiri (~> 1.5)
      rack (~> 1.1)
    rack-test (0.6.2)
      rack (>= 1.0)
    rack_session_access (0.1.1)
      builder (>= 2.0.0)
      rack (>= 1.0.0)
    rails (4.1.6)
      actionmailer (= 4.1.6)
      actionpack (= 4.1.6)
      actionview (= 4.1.6)
      activemodel (= 4.1.6)
      activerecord (= 4.1.6)
      activesupport (= 4.1.6)
      bundler (>= 1.3.0, < 2.0)
      railties (= 4.1.6)
      sprockets-rails (~> 2.0)
    rails_admin (0.6.3)
      builder (~> 3.1)
      coffee-rails (~> 4.0)
      font-awesome-rails (>= 3.0)
      haml (~> 4.0)
      jquery-rails (~> 3.0)
      jquery-ui-rails (~> 4.0)
      kaminari (~> 0.14)
      nested_form (~> 0.3)
      rack-pjax (~> 0.7)
      rails (~> 4.0)
      remotipart (~> 1.0)
      safe_yaml (~> 1.0)
      sass-rails (~> 4.0)
    railties (4.1.6)
      actionpack (= 4.1.6)
      activesupport (= 4.1.6)
      rake (>= 0.8.7)
      thor (>= 0.18.1, < 2.0)
    rake (10.3.2)
    rdoc (4.1.2)
      json (~> 1.4)
    remotipart (1.2.1)
    rubyzip (1.1.6)
    safe_yaml (1.0.3)
    sass (3.2.19)
    sass-rails (4.0.3)
      railties (>= 4.0.0, < 5.0)
      sass (~> 3.2.0)
      sprockets (~> 2.8, <= 2.11.0)
      sprockets-rails (~> 2.0)
    sdoc (0.4.1)
      json (~> 1.7, >= 1.7.7)
      rdoc (~> 4.0)
    selenium-webdriver (2.44.0)
      childprocess (~> 0.5)
      multi_json (~> 1.0)
      rubyzip (~> 1.0)
      websocket (~> 1.0)
    slop (3.6.0)
    sprockets (2.11.0)
      hike (~> 1.2)
      multi_json (~> 1.0)
      rack (~> 1.0)
      tilt (~> 1.1, != 1.3.0)
    sprockets-rails (2.1.4)
      actionpack (>= 3.0)
      activesupport (>= 3.0)
      sprockets (~> 2.8)
    sqlite3 (1.3.9)
    sqlite3 (1.3.9-x86-mingw32)
    thor (0.19.1)
    thread_safe (0.3.4)
    tilt (1.4.1)
    turbolinks (2.3.0)
      coffee-rails
    tzinfo (1.2.2)
      thread_safe (~> 0.1)
    tzinfo-data (1.2014.7)
      tzinfo (>= 1.0.0)
    uglifier (2.5.3)
      execjs (>= 0.3.0)
      json (>= 1.8.0)
    websocket (1.2.1)
    win32console (1.3.2-x86-mingw32)
    xpath (2.0.0)
      nokogiri (~> 1.3)

PLATFORMS
  x86-mingw32

DEPENDENCIES
  best_in_place
  better_errors
  capybara
  coffee-rails (~> 4.0.0)
  jbuilder (~> 2.0)
  jquery-rails
  omniauth-shibboleth
  paperclip (~> 4.2)
  pry
  pry-debugger
  pry-stack_explorer
  rack_session_access
  rails (= 4.1.6)
  rails_admin
  remotipart (~> 1.2)
  sass-rails (~> 4.0.3)
  sdoc (~> 0.4.0)
  selenium-webdriver
  sqlite3
  turbolinks
  tzinfo-data
  uglifier (>= 1.3.0)
